GIT
  remote: git://github.com/dryrb/dry-validation.git
  revision: cb895f62ba6c8c6c0aea6ca3e99a146e2a9a3efc
  branch: master
  specs:
    dry-validation (0.2.0)
      dry-configurable (~> 0.1)
      dry-container (~> 0.2, >= 0.2.6)
      dry-data (~> 0.2, >= 0.2.1)
      dry-equalizer (~> 0.2)

GIT
  remote: git://github.com/rom-rb/rom-mapper.git
  revision: 5da914e10b2a13bb551aa76c45f26d27c76d9d72
  branch: master
  specs:
    rom-mapper (0.3.0.beta1)
      dry-equalizer (~> 0.2)
      rom-support (~> 1.0.0.beta1)

GIT
  remote: git://github.com/rom-rb/rom-repository.git
  revision: 3942a6fa8a086010ed46d87ee1c3b81bac5827cb
  branch: master
  specs:
    rom-repository (0.2.0.beta1)
      anima (~> 0.2, >= 0.2)
      rom (~> 1.0.0.beta1)
      rom-mapper (~> 0.3.beta1)
      rom-support (~> 1.0.0.beta1)

GIT
  remote: git://github.com/rom-rb/rom-sql.git
  revision: cdeb9072fb28555faace97b9ed63b9b0eb26726f
  branch: master
  specs:
    rom-sql (0.7.0.beta1)
      dry-equalizer (~> 0.2)
      rom (~> 1.0.0.beta1)
      sequel (~> 4.18)

GIT
  remote: git://github.com/rom-rb/rom-support.git
  revision: 66d9f4f21a937b2298d9709753fde011ab2e5923
  branch: master
  specs:
    rom-support (1.0.0.beta1)
      dry-equalizer (~> 0.2)
      transproc (~> 0.4.0)
      wisper (~> 1.6, >= 1.6.0)

GIT
  remote: git://github.com/rom-rb/rom.git
  revision: 3116c004725ae4fb125a769d512376805b47efa0
  branch: master
  specs:
    rom (1.0.0.beta2)
      dry-equalizer (~> 0.2)
      rom-mapper (~> 0.3.0.beta1)
      rom-support (~> 1.0.0.beta1)

GIT
  remote: git://github.com/solnic/rodakase.git
  revision: c4f484e895d4650d5be975c20d41f265494062d9
  branch: master
  specs:
    rodakase (0.0.1)
      dry-auto_inject (~> 0.1)
      dry-configurable (~> 0.1)
      dry-container (~> 0.2)
      dry-equalizer (~> 0.2)
      inflecto (~> 0)
      roda (~> 2.7)
      tilt (~> 2.0)
      transflow (~> 0.3)

GIT
  remote: git://github.com/solnic/transproc.git
  revision: ef7cbef5d22fffd53beadf5c28abdb4975a02c45
  branch: master
  specs:
    transproc (0.4.0)

GEM
  remote: https://rubygems.org/
  specs:
    abstract_type (0.0.7)
    adamantium (0.2.0)
      ice_nine (~> 0.11.0)
      memoizable (~> 0.4.0)
    anima (0.3.0)
      abstract_type (~> 0.0.7)
      adamantium (~> 0.2)
      equalizer (~> 0.0.11)
    bcrypt (3.1.10)
    bcrypt (3.1.10-java)
    bcrypt-ruby (3.1.5)
      bcrypt (>= 3.1.3)
    bcrypt-ruby (3.1.5-java)
      bcrypt (>= 3.1.3)
    byebug (8.2.1)
    capybara (2.5.0)
      mime-types (>= 1.16)
      nokogiri (>= 1.3.3)
      rack (>= 1.0.0)
      rack-test (>= 0.5.4)
      xpath (~> 2.0)
    coderay (1.1.0)
    database_cleaner (1.5.1)
    diff-lcs (1.2.5)
    dry-auto_inject (0.1.0)
    dry-configurable (0.1.2)
      thread_safe
    dry-container (0.2.6)
      dry-configurable (= 0.1.2)
      thread_safe
    dry-data (0.2.1)
      dry-container (~> 0.2)
      inflecto (~> 0.0.0, >= 0.0.2)
      kleisli (~> 0.2)
    dry-equalizer (0.2.0)
    dry-pipeline (0.0.1)
    equalizer (0.0.11)
    ffi (1.9.10-java)
    ice_nine (0.11.1)
    inflecto (0.0.2)
    kleisli (0.2.6)
    memoizable (0.4.2)
      thread_safe (~> 0.3, >= 0.3.1)
    method_source (0.8.2)
    mime-types (3.0)
      mime-types-data (~> 3.2015)
    mime-types-data (3.2015.1120)
    mini_portile2 (2.0.0)
    nokogiri (1.6.7)
      mini_portile2 (~> 2.0.0.rc2)
    nokogiri (1.6.7-java)
    pg (0.18.4)
    pg_jruby (0.17.1-java)
    pry (0.10.3)
      coderay (~> 1.1.0)
      method_source (~> 0.8.1)
      slop (~> 3.4)
    pry (0.10.3-java)
      coderay (~> 1.1.0)
      method_source (~> 0.8.1)
      slop (~> 3.4)
      spoon (~> 0.0)
    rack (1.6.4)
    rack-test (0.6.3)
      rack (>= 1.0)
    rake (10.4.2)
    roda (2.8.0)
      rack
    rspec (3.4.0)
      rspec-core (~> 3.4.0)
      rspec-expectations (~> 3.4.0)
      rspec-mocks (~> 3.4.0)
    rspec-core (3.4.1)
      rspec-support (~> 3.4.0)
    rspec-expectations (3.4.0)
      diff-lcs (>= 1.2.0, < 2.0)
      rspec-support (~> 3.4.0)
    rspec-mocks (3.4.0)
      diff-lcs (>= 1.2.0, < 2.0)
      rspec-support (~> 3.4.0)
    rspec-support (3.4.1)
    sequel (4.28.0)
    slim (3.0.6)
      temple (~> 0.7.3)
      tilt (>= 1.3.3, < 2.1)
    slop (3.6.0)
    spoon (0.0.4)
      ffi
    temple (0.7.6)
    thread_safe (0.3.5)
    thread_safe (0.3.5-java)
    tilt (2.0.1)
    transflow (0.3.0)
      dry-pipeline
      kleisli
      wisper
    wisper (1.6.1)
    xpath (2.0.0)
      nokogiri (~> 1.3)

PLATFORMS
  java
  ruby

DEPENDENCIES
  bcrypt-ruby
  byebug
  capybara
  database_cleaner
  dry-data
  dry-validation!
  pg
  pg_jruby
  pry
  rack-test
  rake
  rodakase!
  rom!
  rom-mapper!
  rom-repository!
  rom-sql!
  rom-support!
  rspec
  slim
  transproc!

BUNDLED WITH
   1.10.6
