GIT
  remote: git://github.com/rom-rb/rom-mapper.git
  revision: e07b7f5a89f0b57fcfe076f45ed729dec9e626ff
  branch: master
  specs:
    rom-mapper (0.3.0.beta1)
      equalizer (~> 0.0, >= 0.0.10)
      rom-support (~> 1.0.0.beta1)

GIT
  remote: git://github.com/rom-rb/rom-repository.git
  revision: 306bcc46dbd07e1332bc7236372f81bab3f1dfa5
  branch: master
  specs:
    rom-repository (0.2.0.beta1)
      anima (~> 0.2, >= 0.2)
      rom (~> 1.0.0.beta1)
      rom-mapper (~> 0.3.beta1)
      rom-support (~> 1.0.0.beta1)

GIT
  remote: git://github.com/rom-rb/rom-sql.git
  revision: 0a17586961eb2d02d74e4b34d31f64ce3bf99d66
  branch: master
  specs:
    rom-sql (0.7.0.beta1)
      equalizer (~> 0.0, >= 0.0.9)
      rom (~> 1.0.0.beta1)
      sequel (~> 4.18)

GIT
  remote: git://github.com/rom-rb/rom-support.git
  revision: f232fa7f43d623e286a5096c6aedad6ecf53c609
  branch: master
  specs:
    rom-support (1.0.0.beta1)
      wisper (~> 1.6, >= 1.6.0)

GIT
  remote: git://github.com/rom-rb/rom.git
  revision: 82a438f8427991af38ec9e9e516ff627068969cc
  branch: master
  specs:
    rom (1.0.0.beta1)
      equalizer (~> 0.0, >= 0.0.9)
      rom-mapper (~> 0.3.0.beta1)
      rom-support (~> 1.0.0.beta1)

GIT
  remote: git://github.com/solnic/rodakase.git
  revision: 4980cf0645baa971e0a1e36cae163b7f9da4a5f7
  branch: master
  specs:
    rodakase (0.0.1)
      dry-auto_inject
      dry-container
      dry-equalizer
      inflecto
      roda
      tilt
      transflow

GIT
  remote: git://github.com/solnic/transproc.git
  revision: 86c8b3af719fc0358dc253615b3aa10f604e19bd
  branch: master
  specs:
    transproc (0.4.0)

GEM
  remote: https://rubygems.org/
  specs:
    abstract_type (0.0.7)
    adamantium (0.2.0)
      ice_nine (~> 0.11.0)
      memoizable (~> 0.4.0)
    anima (0.3.0)
      abstract_type (~> 0.0.7)
      adamantium (~> 0.2)
      equalizer (~> 0.0.11)
    bcrypt (3.1.10)
    bcrypt-ruby (3.1.5)
      bcrypt (>= 3.1.3)
    byebug (8.2.0)
    capybara (2.5.0)
      mime-types (>= 1.16)
      nokogiri (>= 1.3.3)
      rack (>= 1.0.0)
      rack-test (>= 0.5.4)
      xpath (~> 2.0)
    coderay (1.1.0)
    database_cleaner (1.5.1)
    diff-lcs (1.2.5)
    dry-auto_inject (0.1.0)
    dry-configurable (0.1.2)
      thread_safe
    dry-container (0.2.5)
      dry-configurable (= 0.1.2)
      thread_safe
    dry-data (0.0.1)
      dry-container (~> 0.2)
      inflecto (~> 0.0.0, >= 0.0.2)
      kleisli (~> 0.2)
    dry-equalizer (0.1.0)
    dry-pipeline (0.0.1)
    equalizer (0.0.11)
    ice_nine (0.11.1)
    inflecto (0.0.2)
    kleisli (0.2.6)
    memoizable (0.4.2)
      thread_safe (~> 0.3, >= 0.3.1)
    method_source (0.8.2)
    mime-types (2.6.2)
    mini_portile (0.6.2)
    nokogiri (1.6.6.2)
      mini_portile (~> 0.6.0)
    pg (0.18.3)
    pry (0.10.3)
      coderay (~> 1.1.0)
      method_source (~> 0.8.1)
      slop (~> 3.4)
    rack (1.6.4)
    rack-test (0.6.3)
      rack (>= 1.0)
    roda (2.7.0)
      rack
    rspec (3.4.0)
      rspec-core (~> 3.4.0)
      rspec-expectations (~> 3.4.0)
      rspec-mocks (~> 3.4.0)
    rspec-core (3.4.0)
      rspec-support (~> 3.4.0)
    rspec-expectations (3.4.0)
      diff-lcs (>= 1.2.0, < 2.0)
      rspec-support (~> 3.4.0)
    rspec-mocks (3.4.0)
      diff-lcs (>= 1.2.0, < 2.0)
      rspec-support (~> 3.4.0)
    rspec-support (3.4.0)
    sequel (4.28.0)
    slim (3.0.6)
      temple (~> 0.7.3)
      tilt (>= 1.3.3, < 2.1)
    slop (3.6.0)
    temple (0.7.6)
    thread_safe (0.3.5)
    tilt (2.0.1)
    transflow (0.3.0)
      dry-pipeline
      kleisli
      wisper
    wisper (1.6.1)
    xpath (2.0.0)
      nokogiri (~> 1.3)

PLATFORMS
  ruby

DEPENDENCIES
  bcrypt-ruby
  byebug
  capybara
  database_cleaner
  dry-data
  pg
  pry
  rack-test
  rodakase!
  rom!
  rom-mapper!
  rom-repository!
  rom-sql!
  rom-support!
  rspec
  slim
  transproc!

BUNDLED WITH
   1.10.6
