GIT
  remote: git://github.com/dryrb/dry-auto_inject.git
  revision: 15aa6ba225c9628089202c5634c51a23b4c19a14
  branch: master
  specs:
    dry-auto_inject (0.0.1)

GIT
  remote: git://github.com/dryrb/dry-container.git
  revision: 626499ceb65a4c6120c8f687b36a79443746ac3b
  branch: master
  specs:
    dry-container (0.2.4)
      dry-configurable (= 0.1.2)
      thread_safe

GIT
  remote: git://github.com/dryrb/dry-equalizer.git
  revision: dfa9de7270e1116cc0dc0b4ccc02b1d4e9845dce
  branch: master
  specs:
    dry-equalizer (0.1.0)

GIT
  remote: git://github.com/rom-rb/rom-mapper.git
  revision: e07b7f5a89f0b57fcfe076f45ed729dec9e626ff
  branch: master
  specs:
    rom-mapper (0.3.0.beta1)
      equalizer (~> 0.0, >= 0.0.10)
      rom-support (~> 1.0.0.beta1)

GIT
  remote: git://github.com/rom-rb/rom-model.git
  revision: e4ecd669e1c611d6b5413ba35eef3c35c0e445ad
  branch: master
  specs:
    rom-model (0.2.0.beta1)
      activemodel (>= 3.0, < 5.0)
      charlatan (~> 0.1)
      i18n
      rom-support (~> 1.0.0.beta1)
      virtus (~> 1.0, >= 1.0.5)

GIT
  remote: git://github.com/rom-rb/rom-repository.git
  revision: 306bcc46dbd07e1332bc7236372f81bab3f1dfa5
  branch: master
  specs:
    rom-repository (0.2.0.beta1)
      anima (~> 0.2, >= 0.2)
      rom (~> 1.0.0.beta1)
      rom-mapper (~> 0.3.beta1)
      rom-support (~> 1.0.0.beta1)

GIT
  remote: git://github.com/rom-rb/rom-sql.git
  revision: 0a17586961eb2d02d74e4b34d31f64ce3bf99d66
  branch: master
  specs:
    rom-sql (0.7.0.beta1)
      equalizer (~> 0.0, >= 0.0.9)
      rom (~> 1.0.0.beta1)
      sequel (~> 4.18)

GIT
  remote: git://github.com/rom-rb/rom-support.git
  revision: f232fa7f43d623e286a5096c6aedad6ecf53c609
  branch: master
  specs:
    rom-support (1.0.0.beta1)
      wisper (~> 1.6, >= 1.6.0)

GIT
  remote: git://github.com/rom-rb/rom.git
  revision: 82a438f8427991af38ec9e9e516ff627068969cc
  branch: master
  specs:
    rom (1.0.0.beta1)
      equalizer (~> 0.0, >= 0.0.9)
      rom-mapper (~> 0.3.0.beta1)
      rom-support (~> 1.0.0.beta1)

GIT
  remote: git://github.com/solnic/rodakase.git
  revision: f84995a6fb8fbd9280059576877ed8960805da2e
  branch: master
  specs:
    rodakase (0.0.1)
      dry-auto_inject
      dry-container
      inflecto
      roda
      tilt
      transflow

GIT
  remote: git://github.com/solnic/transproc.git
  revision: 86c8b3af719fc0358dc253615b3aa10f604e19bd
  branch: master
  specs:
    transproc (0.4.0)

GEM
  remote: https://rubygems.org/
  specs:
    abstract_type (0.0.7)
    activemodel (4.2.4)
      activesupport (= 4.2.4)
      builder (~> 3.1)
    activesupport (4.2.4)
      i18n (~> 0.7)
      json (~> 1.7, >= 1.7.7)
      minitest (~> 5.1)
      thread_safe (~> 0.3, >= 0.3.4)
      tzinfo (~> 1.1)
    adamantium (0.2.0)
      ice_nine (~> 0.11.0)
      memoizable (~> 0.4.0)
    anima (0.3.0)
      abstract_type (~> 0.0.7)
      adamantium (~> 0.2)
      equalizer (~> 0.0.11)
    axiom-types (0.1.1)
      descendants_tracker (~> 0.0.4)
      ice_nine (~> 0.11.0)
      thread_safe (~> 0.3, >= 0.3.1)
    bcrypt (3.1.10)
    bcrypt-ruby (3.1.5)
      bcrypt (>= 3.1.3)
    builder (3.2.2)
    byebug (8.0.0)
    capybara (2.5.0)
      mime-types (>= 1.16)
      nokogiri (>= 1.3.3)
      rack (>= 1.0.0)
      rack-test (>= 0.5.4)
      xpath (~> 2.0)
    charlatan (0.1.0)
    coderay (1.1.0)
    coercible (1.0.0)
      descendants_tracker (~> 0.0.1)
    database_cleaner (1.5.1)
    descendants_tracker (0.0.4)
      thread_safe (~> 0.3, >= 0.3.1)
    diff-lcs (1.2.5)
    dry-configurable (0.1.2)
      thread_safe
    dry-data (0.0.1)
      dry-container (~> 0.2)
      inflecto (~> 0.0.0, >= 0.0.2)
      kleisli (~> 0.2)
    dry-pipeline (0.0.1)
    equalizer (0.0.11)
    i18n (0.7.0)
    ice_nine (0.11.1)
    inflecto (0.0.2)
    json (1.8.3)
    kleisli (0.2.6)
    memoizable (0.4.2)
      thread_safe (~> 0.3, >= 0.3.1)
    method_source (0.8.2)
    mime-types (2.6.2)
    mini_portile (0.6.2)
    minitest (5.8.2)
    nokogiri (1.6.6.2)
      mini_portile (~> 0.6.0)
    pg (0.18.3)
    pry (0.10.3)
      coderay (~> 1.1.0)
      method_source (~> 0.8.1)
      slop (~> 3.4)
    rack (1.6.4)
    rack-test (0.6.3)
      rack (>= 1.0)
    roda (2.7.0)
      rack
    rspec (3.3.0)
      rspec-core (~> 3.3.0)
      rspec-expectations (~> 3.3.0)
      rspec-mocks (~> 3.3.0)
    rspec-core (3.3.2)
      rspec-support (~> 3.3.0)
    rspec-expectations (3.3.1)
      diff-lcs (>= 1.2.0, < 2.0)
      rspec-support (~> 3.3.0)
    rspec-mocks (3.3.2)
      diff-lcs (>= 1.2.0, < 2.0)
      rspec-support (~> 3.3.0)
    rspec-support (3.3.0)
    sequel (4.28.0)
    slim (3.0.6)
      temple (~> 0.7.3)
      tilt (>= 1.3.3, < 2.1)
    slop (3.6.0)
    temple (0.7.6)
    thread_safe (0.3.5)
    tilt (2.0.1)
    transflow (0.3.0)
      dry-pipeline
      kleisli
      wisper
    tzinfo (1.2.2)
      thread_safe (~> 0.1)
    virtus (1.0.5)
      axiom-types (~> 0.1)
      coercible (~> 1.0)
      descendants_tracker (~> 0.0, >= 0.0.3)
      equalizer (~> 0.0, >= 0.0.9)
    wisper (1.6.1)
    xpath (2.0.0)
      nokogiri (~> 1.3)

PLATFORMS
  ruby

DEPENDENCIES
  bcrypt-ruby
  byebug
  capybara
  database_cleaner
  dry-auto_inject!
  dry-container!
  dry-data
  dry-equalizer!
  equalizer
  pg
  pry
  rack-test
  rodakase!
  rom!
  rom-mapper!
  rom-model!
  rom-repository!
  rom-sql!
  rom-support!
  rspec
  slim
  transproc!

BUNDLED WITH
   1.10.6
